GIT
  remote: git://github.com/capistrano/rbenv.git
  revision: e056efc0c361cc15b76ff961d6c5f65ed5e2c57e
  specs:
    capistrano-rbenv (2.0.4)
      capistrano (~> 3.1)
      sshkit (~> 1.3)

GIT
  remote: git://github.com/radar/forem-bootstrap.git
  revision: 10be50afc1d0a22af1306076e41624c55fc585be
  specs:
    forem-bootstrap (0.0.1)
      bootstrap-sass (~> 3.1)

GIT
  remote: git://github.com/radar/forem-redcarpet.git
  revision: c53be9a5c3e97d65546f3f56b53f82669f3a5af5
  specs:
    forem-redcarpet (1.0.2)
      nokogiri
      pygments.rb (= 0.5.4)
      redcarpet (= 3.0.0)

GIT
  remote: git://github.com/radar/forem.git
  revision: fb37858a51cfc8fe2ccd113e61af42546091fd27
  branch: rails4
  specs:
    forem (1.0.0.beta1)
      cancancan (~> 1.7)
      decorators (~> 1.0.2)
      friendly_id (~> 5.0.0)
      gemoji (= 2.1.0)
      rails (~> 4.0, != 4.2.3, != 4.2.2, != 4.2.1, != 4.2.0)
      sanitize (= 2.0.6)
      select2-rails (~> 3.5.4)
      simple_form (~> 3.0)
      workflow (= 1.0.0)

GEM
  remote: https://rubygems.org/
  specs:
    actionmailer (4.2.7)
      actionpack (= 4.2.7)
      actionview (= 4.2.7)
      activejob (= 4.2.7)
      mail (~> 2.5, >= 2.5.4)
      rails-dom-testing (~> 1.0, >= 1.0.5)
    actionpack (4.2.7)
      actionview (= 4.2.7)
      activesupport (= 4.2.7)
      rack (~> 1.6)
      rack-test (~> 0.6.2)
      rails-dom-testing (~> 1.0, >= 1.0.5)
      rails-html-sanitizer (~> 1.0, >= 1.0.2)
    actionview (4.2.7)
      activesupport (= 4.2.7)
      builder (~> 3.1)
      erubis (~> 2.7.0)
      rails-dom-testing (~> 1.0, >= 1.0.5)
      rails-html-sanitizer (~> 1.0, >= 1.0.2)
    active_record_union (1.2.0)
      activerecord (>= 4.0)
    activejob (4.2.7)
      activesupport (= 4.2.7)
      globalid (>= 0.3.0)
    activemodel (4.2.7)
      activesupport (= 4.2.7)
      builder (~> 3.1)
    activerecord (4.2.7)
      activemodel (= 4.2.7)
      activesupport (= 4.2.7)
      arel (~> 6.0)
    activesupport (4.2.7)
      i18n (~> 0.7)
      json (~> 1.7, >= 1.7.7)
      minitest (~> 5.1)
      thread_safe (~> 0.3, >= 0.3.4)
      tzinfo (~> 1.1)
    airbrussh (1.1.0)
      sshkit (>= 1.6.1, != 1.7.0)
    arel (6.0.3)
    autoprefixer-rails (6.4.0)
      execjs
    autosize-rails (1.18.17)
      rails (>= 3.1)
    babel-source (5.8.35)
    babel-transpiler (0.7.0)
      babel-source (>= 4.0, < 6)
      execjs (~> 2.0)
    bbcoder (1.1.1)
    bcrypt (3.1.11)
    binding_of_caller (0.7.2)
      debug_inspector (>= 0.0.1)
    bootstrap-sass (3.3.7)
      autoprefixer-rails (>= 5.2.1)
      sass (>= 3.3.4)
    builder (3.2.2)
    cancan (1.6.7)
    cancancan (1.15.0)
    capistrano (3.6.0)
      airbrussh (>= 1.0.0)
      capistrano-harrow
      i18n
      rake (>= 10.0.0)
      sshkit (>= 1.9.0)
    capistrano-bundler (1.1.4)
      capistrano (~> 3.1)
      sshkit (~> 1.2)
    capistrano-harrow (0.5.3)
    capistrano-rails (1.1.7)
      capistrano (~> 3.1)
      capistrano-bundler (~> 1.1)
    coffee-rails (4.1.1)
      coffee-script (>= 2.2.0)
      railties (>= 4.0.0, < 5.1.x)
    coffee-script (2.4.1)
      coffee-script-source
      execjs
    coffee-script-source (1.10.0)
    concurrent-ruby (1.0.2)
    db_text_search (0.2.0)
      activerecord (>= 4.1.15, < 6.0)
    debug_inspector (0.0.2)
    decorators (1.0.5)
      railties (>= 3.0.19)
    devise (4.2.0)
      bcrypt (~> 3.0)
      orm_adapter (~> 0.1)
      railties (>= 4.1.0, < 5.1)
      responders
      warden (~> 1.2.3)
    emoji (1.0.7)
      json
    erubis (2.7.0)
    execjs (2.7.0)
    faraday (0.9.2)
      multipart-post (>= 1.2, < 3)
    figaro (1.1.1)
      thor (~> 0.14)
    friendly_id (5.0.5)
      activerecord (>= 4.0.0)
    gemoji (2.1.0)
    github-markdown (0.6.9)
    globalid (0.3.7)
      activesupport (>= 4.1.0)
    hashie (3.4.4)
    html-pipeline (2.4.2)
      activesupport (>= 2)
      nokogiri (>= 1.4)
    html-pipeline-vimeo (0.1.1)
      html-pipeline (~> 2.0)
    html-pipeline-youtube (0.1.3)
      html-pipeline (~> 2.0)
    htmlentities (4.3.4)
    i18n (0.7.0)
    inline_svg (0.10.0)
      activesupport (>= 4.0)
      loofah (>= 2.0)
      nokogiri (~> 1.6)
    jbuilder (2.6.0)
      activesupport (>= 3.0.0, < 5.1)
      multi_json (~> 1.2)
    jquery-rails (4.1.1)
      rails-dom-testing (>= 1, < 3)
      railties (>= 4.2.0)
      thor (>= 0.14, < 2.0)
    jquery-turbolinks (2.1.0)
      railties (>= 3.1.0)
      turbolinks
    json (1.8.3)
    jwt (1.5.4)
    kaminari (0.17.0)
      actionpack (>= 3.0.0)
      activesupport (>= 3.0.0)
    libv8 (3.16.14.15)
    loofah (2.0.3)
      nokogiri (>= 1.5.9)
    mail (2.6.4)
      mime-types (>= 1.16, < 4)
    mime-types (3.1)
      mime-types-data (~> 3.2015)
    mime-types-data (3.2016.0521)
    mini_portile2 (2.1.0)
    minitest (5.9.0)
    multi_json (1.12.1)
    multi_xml (0.5.5)
    multipart-post (2.0.0)
    mysql2 (0.4.4)
    net-scp (1.2.1)
      net-ssh (>= 2.6.5)
    net-ssh (3.2.0)
    nokogiri (1.6.8)
      mini_portile2 (~> 2.1.0)
      pkg-config (~> 1.1.7)
    oauth2 (1.2.0)
      faraday (>= 0.8, < 0.10)
      jwt (~> 1.0)
      multi_json (~> 1.3)
      multi_xml (~> 0.5)
      rack (>= 1.2, < 3)
    omniauth (1.3.1)
      hashie (>= 1.2, < 4)
      rack (>= 1.0, < 3)
    omniauth-bnet (1.1.1)
      omniauth (~> 1.0)
      omniauth-oauth2 (~> 1.1)
    omniauth-oauth2 (1.4.0)
      oauth2 (~> 1.0)
      omniauth (~> 1.2)
    orm_adapter (0.5.0)
    pg (0.18.4)
    pkg-config (1.1.7)
    posix-spawn (0.3.11)
    pundit (1.1.0)
      activesupport (>= 3.0.0)
    pygments.rb (0.5.4)
      posix-spawn (~> 0.3.6)
      yajl-ruby (~> 1.1.0)
    rack (1.6.4)
    rack-test (0.6.3)
      rack (>= 1.0)
    rails (4.2.7)
      actionmailer (= 4.2.7)
      actionpack (= 4.2.7)
      actionview (= 4.2.7)
      activejob (= 4.2.7)
      activemodel (= 4.2.7)
      activerecord (= 4.2.7)
      activesupport (= 4.2.7)
      bundler (>= 1.3.0, < 2.0)
      railties (= 4.2.7)
      sprockets-rails
    rails-deprecated_sanitizer (1.0.3)
      activesupport (>= 4.2.0.alpha)
    rails-dom-testing (1.0.7)
      activesupport (>= 4.2.0.beta, < 5.0)
      nokogiri (~> 1.6.0)
      rails-deprecated_sanitizer (>= 1.0.1)
    rails-html-sanitizer (1.0.3)
      loofah (~> 2.0)
    rails-timeago (2.14.0)
      actionpack (>= 3.1)
      activesupport (>= 3.1)
    rails_emoji_picker (0.1.5)
      emoji
    railties (4.2.7)
      actionpack (= 4.2.7)
      activesupport (= 4.2.7)
      rake (>= 0.8.7)
      thor (>= 0.18.1, < 2.0)
    rake (11.2.2)
    rb-gravatar (1.0.5)
    rdoc (4.2.2)
      json (~> 1.4)
    recaptcha (3.3.0)
      json
    redcarpet (3.0.0)
    ref (2.0.0)
    responders (2.2.0)
      railties (>= 4.2.0, < 5.1)
    sanitize (2.0.6)
      nokogiri (>= 1.4.4)
    sass (3.4.22)
    sass-rails (5.0.6)
      railties (>= 4.0.0, < 6)
      sass (~> 3.1)
      sprockets (>= 2.8, < 4.0)
      sprockets-rails (>= 2.0, < 4.0)
      tilt (>= 1.1, < 3)
    sdoc (0.4.1)
      json (~> 1.7, >= 1.7.7)
      rdoc (~> 4.0)
    select2-rails (3.5.10)
      thor (~> 0.14)
    simple_form (3.2.1)
      actionpack (> 4, < 5.1)
      activemodel (> 4, < 5.1)
    spring (1.7.2)
    sprockets (3.7.0)
      concurrent-ruby (~> 1.0)
      rack (> 1, < 3)
    sprockets-es6 (0.9.1)
      babel-source (>= 5.8.11)
      babel-transpiler
      sprockets (>= 3.0.0)
    sprockets-rails (3.1.1)
      actionpack (>= 4.0)
      activesupport (>= 4.0)
      sprockets (>= 3.0.0)
    sshkit (1.11.2)
      net-scp (>= 1.1.2)
      net-ssh (>= 2.8.0)
    therubyracer (0.12.2)
      libv8 (~> 3.16.14.0)
      ref
    thor (0.19.1)
    thread_safe (0.3.5)
    thredded (0.6.2)
      active_record_union (>= 1.2.0)
      autoprefixer-rails
      autosize-rails
      bbcoder (~> 1.0)
      db_text_search (~> 0.2.0)
      friendly_id
      gemoji
      github-markdown
      html-pipeline
      html-pipeline-vimeo
      html-pipeline-youtube
      htmlentities
      inline_svg
      jquery-rails
      kaminari
      nokogiri
      pundit (>= 1.1.0)
      rails (>= 4.2.0)
      rails-timeago
      rb-gravatar
      sanitize
      sass (>= 3.4.21)
      select2-rails (~> 3.5)
      sprockets-es6
    tilt (2.0.5)
    turbolinks (5.0.1)
      turbolinks-source (~> 5)
    turbolinks-source (5.0.0)
    tzinfo (1.2.2)
      thread_safe (~> 0.1)
    uglifier (3.0.1)
      execjs (>= 0.3.0, < 3)
    warden (1.2.6)
      rack (>= 1.0)
    web-console (2.3.0)
      activemodel (>= 4.0)
      binding_of_caller (>= 0.7.2)
      railties (>= 4.0)
      sprockets-rails (>= 2.0, < 4.0)
    workflow (1.0.0)
    yajl-ruby (1.1.0)

PLATFORMS
  ruby

DEPENDENCIES
  bootstrap-sass
  cancan (= 1.6.7)
  capistrano
  capistrano-bundler
  capistrano-rails
  capistrano-rbenv!
  coffee-rails (~> 4.1.0)
  devise
  emoji
  figaro
  forem!
  forem-bootstrap!
  forem-redcarpet!
  gemoji
  jbuilder (~> 2.0)
  jquery-rails
  jquery-turbolinks
  kaminari
  mysql2
  omniauth-bnet (~> 1.1)
  pg
  rails
  rails_emoji_picker
  recaptcha
  sass-rails (~> 5.0)
  sdoc (~> 0.4.0)
  spring
  therubyracer
  thredded
  turbolinks
  uglifier (>= 1.3.0)
  web-console (~> 2.0)

BUNDLED WITH
   1.12.5
